GIT
  remote: https://github.com/cyberarm/cyberarm_engine
  revision: 72037efc735089cf1ff4b56ec57eb793699b27c6
  specs:
    cyberarm_engine (0.23.0)
      excon (~> 0.88)
      gosu (~> 1.1)
      gosu_more_drawables (~> 0.3)

GIT
  remote: https://github.com/gosu/releasy.git
  revision: e8a24c079c4930c6ddbab17fc444027ba41491ca
  specs:
    releasy (0.2.3)
      bundler (>= 1.2.1)
      cri (~> 2.1.0)
      ocra (~> 1.3.0)
      rake (>= 0.9.2.2)

GEM
  remote: https://rubygems.org/
  specs:
    concurrent-ruby (1.2.2)
    cri (2.1.0)
    excon (0.99.0)
    gosu (1.4.5)
    gosu_more_drawables (0.3.1)
    i18n (1.12.0)
      concurrent-ruby (~> 1.0)
    mini_portile2 (2.8.1)
    nokogiri (1.14.2)
      mini_portile2 (~> 2.8.0)
      racc (~> 1.4)
    ocra (1.3.11)
    opengl-bindings (1.6.13)
    racc (1.6.2)
    rake (13.0.6)
    rubyzip (2.3.2)

PLATFORMS
  ruby
  x64-mingw-ucrt
  x64-mingw32

DEPENDENCIES
  cyberarm_engine!
  excon
  i18n
  nokogiri (>= 1.11.0.rc1)
  ocra
  opengl-bindings
  rake
  releasy!
  rubyzip

BUNDLED WITH
   2.4.8
