GIT
  remote: https://github.com/cyberarm/cyberarm_engine
  revision: 9694cc2270198005bc2388fc6dacddfbb9629f60
  specs:
    cyberarm_engine (0.24.4)
      gosu (~> 1.1)

GIT
  remote: https://github.com/gosu/releasy.git
  revision: e8a24c079c4930c6ddbab17fc444027ba41491ca
  specs:
    releasy (0.2.3)
      bundler (>= 1.2.1)
      cri (~> 2.1.0)
      ocra (~> 1.3.0)
      rake (>= 0.9.2.2)

GEM
  remote: https://rubygems.org/
  specs:
    concurrent-ruby (1.2.3)
    cri (2.1.0)
    excon (0.110.0)
    gosu (1.4.6)
    i18n (1.14.4)
      concurrent-ruby (~> 1.0)
    mini_portile2 (2.8.5)
    nokogiri (1.16.3)
      mini_portile2 (~> 2.8.2)
      racc (~> 1.4)
    ocra (1.3.11)
    opengl-bindings (1.6.14)
    racc (1.7.3)
    rake (13.2.1)
    rubyzip (2.3.2)

PLATFORMS
  ruby
  x64-mingw-ucrt
  x64-mingw32

DEPENDENCIES
  cyberarm_engine!
  excon
  i18n
  nokogiri (>= 1.11.0.rc1)
  ocra
  opengl-bindings
  rake
  releasy!
  rubyzip

BUNDLED WITH
   2.4.8
