GEM
  remote: https://rubygems.org/
  specs:
    cyberarm_engine (0.10.2)
      gosu (~> 0.14.0)
    gosu (0.14.5)
    gosu (0.14.5-x64-mingw32)
    gosu (0.14.5-x86-mingw32)
    ocra (1.3.10)
    opengl-bindings (1.6.9)

PLATFORMS
  ruby
  x64-mingw32
  x86-mingw32

DEPENDENCIES
  cyberarm_engine
  ocra
  opengl-bindings

BUNDLED WITH
   1.17.3
