GEM
  remote: https://rubygems.org/
  specs:
    glu (8.3.0)
    glu (8.3.0-x86-mingw32)
    gosu (0.13.3)
    gosu (0.13.3-x86-mingw32)
    opengl-bindings (1.6.6)
    wavefront (0.1.2)

PLATFORMS
  ruby
  x86-mingw32

DEPENDENCIES
  glu
  gosu
  opengl-bindings
  wavefront

BUNDLED WITH
   1.16.1
