GEM
  remote: https://rubygems.org/
  specs:
    chunky_png (1.3.10)
    glu (8.2.2)
    glu (8.2.2-x86-mingw32)
    gosu (0.13.3)
    gosu (0.13.3-x86-mingw32)
    oily_png (1.2.1)
      chunky_png (~> 1.3.7)
    opengl-bindings (1.6.6)

PLATFORMS
  ruby
  x86-mingw32

DEPENDENCIES
  glu
  gosu
  oily_png
  opengl-bindings

BUNDLED WITH
   1.16.1
