GIT
  remote: https://github.com/cyberarm/cyberarm_engine
  revision: 8cedb402833b7c81c30108ebc7bcd2e2849b6fa5
  specs:
    cyberarm_engine (0.13.0)
      gosu (~> 0.15.0)

GEM
  remote: https://rubygems.org/
  specs:
    gosu (0.15.1-x64-mingw32)
    mini_portile2 (2.4.0)
    nokogiri (1.11.0.rc1-x64-mingw32)
      mini_portile2 (~> 2.4.0)
    ocra (1.3.11)
    opengl-bindings (1.6.9)

PLATFORMS
  x64-mingw32

DEPENDENCIES
  cyberarm_engine!
  nokogiri (>= 1.11.0.rc1)
  ocra
  opengl-bindings

BUNDLED WITH
   2.1.4
