GIT
  remote: https://github.com/cyberarm/cyberarm_engine
  revision: d02c001989ce967e2b3184d1a0f01cd5b20ac241
  specs:
    cyberarm_engine (0.14.0)
      clipboard (~> 1.3.4)
      excon (~> 0.76.0)
      gosu (~> 0.15.0)
      gosu_more_drawables (~> 0.3)

GIT
  remote: https://github.com/gosu/releasy.git
  revision: e8a24c079c4930c6ddbab17fc444027ba41491ca
  specs:
    releasy (0.2.3)
      bundler (>= 1.2.1)
      cri (~> 2.1.0)
      ocra (~> 1.3.0)
      rake (>= 0.9.2.2)

GEM
  remote: https://rubygems.org/
  specs:
    clipboard (1.3.5)
    concurrent-ruby (1.1.7)
    cri (2.1.0)
    excon (0.76.0)
    gosu (0.15.2)
    gosu (0.15.2-x64-mingw32)
    gosu_more_drawables (0.3.1)
    i18n (1.8.5)
      concurrent-ruby (~> 1.0)
    mini_portile2 (2.5.0)
    nokogiri (1.11.0.rc3)
      mini_portile2 (~> 2.5.0)
    nokogiri (1.11.0.rc3-x64-mingw32)
    ocra (1.3.11)
    opengl-bindings (1.6.10)
    rake (13.0.1)
    rubyzip (2.3.0)

PLATFORMS
  ruby
  x64-mingw32

DEPENDENCIES
  cyberarm_engine!
  excon
  i18n
  nokogiri (>= 1.11.0.rc1)
  ocra
  opengl-bindings
  rake
  releasy!
  rubyzip

BUNDLED WITH
   2.1.4
