GEM
  remote: https://rubygems.org/
  specs:
    glu (8.3.0)
    glu (8.3.0-x86-mingw32)
    glut (8.3.0)
    glut (8.3.0-x86-mingw32)
    gosu (0.13.2)
    gosu (0.13.2-x86-mingw32)
    opengl (0.10.0)
    opengl (0.10.0-x86-mingw32)
    wavefront (0.1.2)

PLATFORMS
  ruby
  x86-mingw32

DEPENDENCIES
  glu
  glut
  gosu
  opengl
  wavefront

BUNDLED WITH
   1.16.1
