GIT
  remote: https://github.com/cyberarm/cyberarm_engine
  revision: 9a3caabc7e36f572ef458dc473edd2961dad8f40
  specs:
    cyberarm_engine (0.12.1)
      gosu (~> 0.14.0)

GEM
  remote: https://rubygems.org/
  specs:
    gosu (0.14.5)
    gosu (0.14.5-x64-mingw32)
    gosu (0.14.5-x86-mingw32)
    ocra (1.3.10)
    opengl-bindings (1.6.9)

PLATFORMS
  ruby
  x64-mingw32
  x86-mingw32

DEPENDENCIES
  cyberarm_engine!
  ocra
  opengl-bindings

BUNDLED WITH
   2.1.4
