GIT
  remote: https://github.com/cyberarm/cyberarm_engine
  revision: 0850336e55891f1f10dcb10e3b4b42e5f7379b33
  specs:
    cyberarm_engine (0.14.0)
      gosu (~> 0.15.0)
      gosu_more_drawables (~> 0.3)

GIT
  remote: https://github.com/gosu/releasy.git
  revision: e8a24c079c4930c6ddbab17fc444027ba41491ca
  specs:
    releasy (0.2.3)
      bundler (>= 1.2.1)
      cri (~> 2.1.0)
      ocra (~> 1.3.0)
      rake (>= 0.9.2.2)

GEM
  remote: https://rubygems.org/
  specs:
    cri (2.1.0)
    excon (0.73.0)
    gosu (0.15.1)
    gosu (0.15.1-x64-mingw32)
    gosu_more_drawables (0.3.0)
    mini_portile2 (2.5.0)
    nokogiri (1.11.0.rc2)
      mini_portile2 (~> 2.5.0)
    nokogiri (1.11.0.rc2-x64-mingw32)
    ocra (1.3.11)
    opengl-bindings (1.6.10)
    rake (13.0.1)
    rubyzip (2.3.0)

PLATFORMS
  ruby
  x64-mingw32

DEPENDENCIES
  cyberarm_engine!
  excon
  nokogiri (>= 1.11.0.rc1)
  ocra
  opengl-bindings
  rake
  releasy!
  rubyzip

BUNDLED WITH
   2.1.4
