GEM
  remote: https://rubygems.org/
  specs:
    glu (8.2.2)
    glu (8.2.2-x86-mingw32)
    gosu (0.14.5)
    gosu (0.14.5-x86-mingw32)
    opengl-bindings (1.6.7)

PLATFORMS
  ruby
  x86-mingw32

DEPENDENCIES
  glu
  gosu
  opengl-bindings

BUNDLED WITH
   1.17.3
