GEM
  remote: https://rubygems.org/
  specs:
    cyberarm_engine (0.10.1)
      gosu (~> 0.14.0)
    gosu (0.14.5)
    gosu (0.14.5-x86-mingw32)
    opengl-bindings (1.6.9)

PLATFORMS
  ruby
  x86-mingw32

DEPENDENCIES
  cyberarm_engine
  opengl-bindings

BUNDLED WITH
   1.17.3
