GIT
  remote: https://github.com/cyberarm/cyberarm_engine
  revision: 1b080f9fb99cc4ec696f32f00f28cbf89b40ed04
  specs:
    cyberarm_engine (0.18.0)
      clipboard (~> 1.3.5)
      excon (~> 0.78.0)
      gosu (~> 1.1)
      gosu_more_drawables (~> 0.3)

GIT
  remote: https://github.com/gosu/releasy.git
  revision: e8a24c079c4930c6ddbab17fc444027ba41491ca
  specs:
    releasy (0.2.3)
      bundler (>= 1.2.1)
      cri (~> 2.1.0)
      ocra (~> 1.3.0)
      rake (>= 0.9.2.2)

GEM
  remote: https://rubygems.org/
  specs:
    clipboard (1.3.5)
    concurrent-ruby (1.1.8)
    cri (2.1.0)
    excon (0.78.1)
    gosu (1.2.0)
    gosu_more_drawables (0.3.1)
    i18n (1.8.10)
      concurrent-ruby (~> 1.0)
    mini_portile2 (2.5.3)
    nokogiri (1.11.6)
      mini_portile2 (~> 2.5.0)
      racc (~> 1.4)
    nokogiri (1.11.6-x64-mingw32)
      racc (~> 1.4)
    ocra (1.3.11)
    opengl-bindings (1.6.11)
    racc (1.5.2)
    rake (13.0.3)
    rubyzip (2.3.0)

PLATFORMS
  ruby
  x64-mingw32

DEPENDENCIES
  cyberarm_engine!
  excon
  i18n
  nokogiri (>= 1.11.0.rc1)
  ocra
  opengl-bindings
  rake
  releasy!
  rubyzip

BUNDLED WITH
   2.2.3
